GEM
  remote: https://rubygems.org/
  specs:
    aruba (2.2.0)
      bundler (>= 1.17, < 3.0)
      contracts (>= 0.16.0, < 0.18.0)
      cucumber (>= 8.0, < 10.0)
      rspec-expectations (~> 3.4)
      thor (~> 1.0)
    bigdecimal (3.1.8)
    builder (3.3.0)
    contracts (0.17)
    cucumber (9.2.0)
      builder (~> 3.2)
      cucumber-ci-environment (> 9, < 11)
      cucumber-core (> 13, < 14)
      cucumber-cucumber-expressions (~> 17.0)
      cucumber-gherkin (> 24, < 28)
      cucumber-html-formatter (> 20.3, < 22)
      cucumber-messages (> 19, < 25)
      diff-lcs (~> 1.5)
      mini_mime (~> 1.1)
      multi_test (~> 1.1)
      sys-uname (~> 1.2)
    cucumber-ci-environment (10.0.1)
    cucumber-core (13.0.3)
      cucumber-gherkin (>= 27, < 28)
      cucumber-messages (>= 20, < 23)
      cucumber-tag-expressions (> 5, < 7)
    cucumber-cucumber-expressions (17.1.0)
      bigdecimal
    cucumber-gherkin (27.0.0)
      cucumber-messages (>= 19.1.4, < 23)
    cucumber-html-formatter (21.5.0)
      cucumber-messages (> 19, < 25)
    cucumber-messages (22.0.0)
    cucumber-tag-expressions (6.1.0)
    diff-lcs (1.5.1)
    ffi (1.17.0)
    ffi (1.17.0-arm64-darwin)
    kramdown (2.4.0)
      rexml
    kramdown-parser-gfm (1.1.0)
      kramdown (~> 2.0)
    mini_mime (1.1.5)
    mini_portile2 (2.8.7)
    multi_test (1.1.0)
    mustache (1.1.1)
    nokogiri (1.16.7)
      mini_portile2 (~> 2.8.2)
      racc (~> 1.4)
    nokogiri (1.16.7-arm64-darwin)
      racc (~> 1.4)
    os (1.1.4)
    racc (1.8.1)
    rake (13.0.6)
    rexml (3.3.9)
    ronn-ng (0.10.1)
      kramdown (~> 2, >= 2.1)
      kramdown-parser-gfm (~> 1, >= 1.0.1)
      mustache (~> 1)
      nokogiri (~> 1, >= 1.14.3)
    rspec (3.12.0)
      rspec-core (~> 3.12.0)
      rspec-expectations (~> 3.12.0)
      rspec-mocks (~> 3.12.0)
    rspec-core (3.12.3)
      rspec-support (~> 3.12.0)
    rspec-expectations (3.12.4)
      diff-lcs (>= 1.2.0, < 2.0)
      rspec-support (~> 3.12.0)
    rspec-mocks (3.12.7)
      diff-lcs (>= 1.2.0, < 2.0)
      rspec-support (~> 3.12.0)
    rspec-support (3.12.2)
    sys-uname (1.3.0)
      ffi (~> 1.1)
    thor (1.3.1)

PLATFORMS
  arm64-darwin-22
  ruby

DEPENDENCIES
  aruba (~> 2.2.0)
  os (~> 1.1.4)
  rake (~> 13.0.3)
  ronn-ng (~> 0.10.1)
  rspec (~> 3.12.0)

BUNDLED WITH
   2.5.5
